NUGET
  remote: https://api.nuget.org/v3/index.json
    BinarySerializer (8.1.3) - restriction: >= net472
      NETStandard.Library (>= 1.6.1) - restriction: >= netstandard1.3
      System.Collections (>= 4.3) - restriction: >= netstandard1.3
      System.IO (>= 4.3) - restriction: >= netstandard1.3
      System.Linq (>= 4.3) - restriction: >= netstandard1.3
      System.Linq.Expressions (>= 4.3) - restriction: >= netstandard1.3
      System.Reflection (>= 4.3) - restriction: >= netstandard1.3
      System.Reflection.Extensions (>= 4.3) - restriction: >= netstandard1.3
      System.Reflection.TypeExtensions (>= 4.4) - restriction: >= netstandard1.3
      System.Resources.ResourceManager (>= 4.3) - restriction: >= netstandard1.3
      System.Runtime (>= 4.3) - restriction: >= netstandard1.3
      System.Runtime.Extensions (>= 4.3) - restriction: >= netstandard1.3
      System.Text.Encoding (>= 4.3) - restriction: >= netstandard1.3
      System.Threading (>= 4.3) - restriction: >= netstandard1.3
    Microsoft.NETCore.Platforms (2.1.1) - restriction: >= net472
    Microsoft.Win32.Primitives (4.3) - restriction: >= net472
    NETStandard.Library (2.0.3) - restriction: >= net472
      Microsoft.NETCore.Platforms (>= 1.1) - restriction: || (&& (>= net45) (< netstandard1.3)) (&& (< net45) (>= netstandard1.1) (< netstandard1.2) (< win8)) (&& (< net45) (>= netstandard1.2) (< netstandard1.3) (< win8) (< wpa81)) (&& (< net45) (>= netstandard1.3) (< netstandard1.4) (< win8) (< wpa81)) (&& (< net45) (>= netstandard1.4) (< netstandard1.5) (< win8) (< wpa81)) (&& (< net45) (>= netstandard1.5) (< netstandard1.6) (< win8) (< wpa81)) (&& (< net45) (>= netstandard1.6) (< netstandard2.0) (< win8) (< wpa81)) (&& (< net45) (>= netstandard2.0)) (&& (>= net46) (< netstandard1.4)) (>= net461) (>= netcoreapp2.0) (&& (>= netstandard1.0) (< portable-net45+win8+wpa81)) (&& (< netstandard1.0) (>= portable-net45+win8) (< win8)) (&& (< netstandard1.0) (< portable-net45+win8) (>= portable-net45+win8+wpa81)) (&& (< netstandard1.0) (>= portable-net45+win8+wp8+wpa81) (< portable-net45+win8+wpa81)) (&& (< netstandard1.0) (>= win8)) (&& (< netstandard1.3) (< win8) (>= wpa81)) (&& (< netstandard1.5) (>= uap10.0)) (>= uap10.1) (>= wp8)
    System.AppContext (4.3) - restriction: >= net472
    System.Collections (4.3) - restriction: >= net472
    System.Collections.Concurrent (4.3) - restriction: >= net472
    System.Console (4.3.1) - restriction: >= net472
    System.Diagnostics.Debug (4.3) - restriction: >= net472
    System.Diagnostics.DiagnosticSource (4.5.1) - restriction: >= net472
    System.Diagnostics.Tools (4.3) - restriction: >= net472
    System.Diagnostics.Tracing (4.3) - restriction: >= net472
    System.Globalization (4.3) - restriction: >= net472
    System.Globalization.Calendars (4.3) - restriction: >= net472
    System.IO (4.3) - restriction: >= net472
    System.IO.Compression (4.3) - restriction: >= net472
    System.IO.Compression.ZipFile (4.3) - restriction: >= net472
    System.IO.FileSystem (4.3) - restriction: >= net472
      System.IO.FileSystem.Primitives (>= 4.3) - restriction: || (&& (< monoandroid) (< monotouch) (>= netstandard1.3) (< xamarinios) (< xamarinmac) (< xamarintvos) (< xamarinwatchos)) (>= net46)
    System.IO.FileSystem.Primitives (4.3) - restriction: >= net472
    System.Linq (4.3) - restriction: >= net472
    System.Linq.Expressions (4.3) - restriction: >= net472
    System.Net.Http (4.3.3) - restriction: >= net472
      System.Security.Cryptography.X509Certificates (>= 4.3) - restriction: || (>= dnxcore50) (&& (< monoandroid) (< net45) (>= netstandard1.3) (< netstandard1.6) (< win8) (< wpa81)) (&& (< monotouch) (< net45) (>= netstandard1.6) (< xamarinios) (< xamarinmac) (< xamarintvos) (< xamarinwatchos)) (>= net46)
    System.Net.Primitives (4.3) - restriction: >= net472
    System.Net.Sockets (4.3) - restriction: >= net472
    System.ObjectModel (4.3) - restriction: >= net472
    System.Reflection (4.3) - restriction: >= net472
    System.Reflection.Extensions (4.3) - restriction: >= net472
    System.Reflection.Primitives (4.3) - restriction: >= net472
    System.Reflection.TypeExtensions (4.5.1) - restriction: >= net472
    System.Resources.ResourceManager (4.3) - restriction: >= net472
    System.Runtime (4.3) - restriction: >= net472
    System.Runtime.Extensions (4.3) - restriction: >= net472
    System.Runtime.Handles (4.3) - restriction: >= net472
    System.Runtime.InteropServices (4.3) - restriction: >= net472
      System.Runtime (>= 4.3) - restriction: || (>= dnxcore50) (&& (< monoandroid) (< monotouch) (< net45) (>= netstandard1.5) (< win8) (< wpa81) (< xamarinios) (< xamarinmac) (< xamarintvos) (< xamarinwatchos)) (&& (< monoandroid) (< net45) (>= netstandard1.1) (< netstandard1.2) (< win8)) (&& (< monoandroid) (< net45) (>= netstandard1.2) (< netstandard1.3) (< win8) (< wpa81)) (&& (< monoandroid) (< net45) (>= netstandard1.3) (< netstandard1.5) (< win8) (< wpa81)) (>= net462) (>= netcoreapp1.1)
    System.Runtime.InteropServices.RuntimeInformation (4.3) - restriction: >= net472
    System.Runtime.Numerics (4.3) - restriction: >= net472
    System.Security.Cryptography.Algorithms (4.3.1) - restriction: >= net472
      System.IO (>= 4.3) - restriction: || (>= dnxcore50) (&& (< monoandroid) (< net46) (>= netstandard1.3) (< netstandard1.4)) (&& (< monoandroid) (< net46) (>= netstandard1.4) (< netstandard1.6)) (&& (< monotouch) (< net46) (>= netstandard1.6) (< xamarinios) (< xamarinmac) (< xamarintvos) (< xamarinwatchos)) (>= net463)
      System.Runtime (>= 4.3) - restriction: || (>= dnxcore50) (&& (< monoandroid) (< net46) (>= netstandard1.3) (< netstandard1.4)) (&& (< monoandroid) (< net46) (>= netstandard1.4) (< netstandard1.6)) (&& (< monotouch) (< net46) (>= netstandard1.6) (< xamarinios) (< xamarinmac) (< xamarintvos) (< xamarinwatchos)) (>= net463)
      System.Security.Cryptography.Encoding (>= 4.3) - restriction: || (>= dnxcore50) (&& (< monotouch) (< net46) (>= netstandard1.6) (< xamarinios) (< xamarinmac) (< xamarintvos) (< xamarinwatchos)) (>= net463)
      System.Security.Cryptography.Primitives (>= 4.3) - restriction: || (>= dnxcore50) (&& (< monoandroid) (< net46) (>= netstandard1.3) (< netstandard1.4)) (&& (< monoandroid) (< net46) (>= netstandard1.4) (< netstandard1.6)) (&& (< monotouch) (< net46) (>= netstandard1.6) (< xamarinios) (< xamarinmac) (< xamarintvos) (< xamarinwatchos)) (&& (>= net46) (< netstandard1.4)) (&& (>= net461) (< netstandard1.6)) (>= net463)
    System.Security.Cryptography.Encoding (4.3) - restriction: >= net472
    System.Security.Cryptography.Primitives (4.3) - restriction: >= net472
    System.Security.Cryptography.X509Certificates (4.3.2) - restriction: >= net472
      System.Security.Cryptography.Algorithms (>= 4.3) - restriction: || (>= dnxcore50) (&& (< monoandroid) (< net46) (>= netstandard1.3) (< netstandard1.4)) (&& (< monoandroid) (< net46) (>= netstandard1.4) (< netstandard1.6)) (&& (< monotouch) (< net46) (>= netstandard1.6) (< xamarinios) (< xamarinmac) (< xamarintvos) (< xamarinwatchos)) (&& (>= net46) (< netstandard1.4)) (>= net461)
      System.Security.Cryptography.Encoding (>= 4.3) - restriction: || (>= dnxcore50) (&& (< monoandroid) (< net46) (>= netstandard1.3) (< netstandard1.4)) (&& (< monoandroid) (< net46) (>= netstandard1.4) (< netstandard1.6)) (&& (< monotouch) (< net46) (>= netstandard1.6) (< xamarinios) (< xamarinmac) (< xamarintvos) (< xamarinwatchos)) (&& (>= net46) (< netstandard1.4)) (>= net461)
    System.Text.Encoding (4.3) - restriction: >= net472
    System.Text.Encoding.Extensions (4.3) - restriction: >= net472
    System.Text.RegularExpressions (4.3) - restriction: >= net472
    System.Threading (4.3) - restriction: >= net472
    System.Threading.Tasks (4.3) - restriction: >= net472
    System.Threading.Timer (4.3) - restriction: >= net472
    System.Xml.ReaderWriter (4.3.1) - restriction: >= net472
    System.Xml.XDocument (4.3) - restriction: >= net472
